NUGET
  remote: https://nuget.org/api/v2
  specs:
    FAKE (3.34.6)
    FSharp.CloudAgent (0.3)
      Newtonsoft.Json (>= 6.0.6)
      WindowsAzure.ServiceBus (>= 2.5.2)
    FSharp.Compiler.Service (0.0.89)
    FSharp.Data (2.2.2)
      Zlib.Portable (>= 1.10.0) - framework: portable-net40+sl50+wp80+win80
    FSharp.Formatting (2.9.6)
      FSharp.Compiler.Service (>= 0.0.87)
      FSharpVSPowerTools.Core (1.8.0)
    FSharpVSPowerTools.Core (1.8.0)
      FSharp.Compiler.Service (>= 0.0.87)
    FsWebAddRegistryEntries (0.1.1.0)
    Microsoft.AspNet.WebApi.Client (5.2.3)
      Microsoft.Net.Http (>= 2.2.22) - framework: portable-wp80+win+net45+wp81+wpa81
      Newtonsoft.Json (>= 6.0.4) - framework: portable-wp80+win+net45+wp81+wpa81, >= net45
    Microsoft.AspNet.WebApi.Core (5.2.3)
      Microsoft.AspNet.WebApi.Client (>= 5.2.3)
    Microsoft.AspNet.WebApi.Owin (5.2.3)
      Microsoft.AspNet.WebApi.Core (>= 5.2.3 < 5.3.0)
      Microsoft.Owin (>= 2.0.2)
      Owin (>= 1.0)
    Microsoft.Bcl (1.1.10)
      Microsoft.Bcl.Build (>= 1.0.14)
    Microsoft.Bcl.Build (1.0.21)
    Microsoft.Net.Http (2.2.29) - framework: portable-wp80+win+net45+wp81+wpa81
      Microsoft.Bcl (>= 1.1.10)
      Microsoft.Bcl.Build (>= 1.0.14)
    Microsoft.Owin (3.0.1)
      Owin (>= 1.0)
    Microsoft.Owin.Host.SystemWeb (3.0.1)
      Microsoft.Owin (>= 3.0.1)
      Owin (>= 1.0)
    Microsoft.WindowsAzure.ConfigurationManager (3.1.0)
    MSBuild.Extension.Pack (1.6.0)
    Newtonsoft.Json (6.0.8)
    NLog (3.2.1)
    NUnit (2.6.4)
    NUnit.Runners (2.6.4)
    Octokit (0.12.0) - framework: portable-net40+sl50+wp80+win80
      Microsoft.Net.Http
    Owin (1.0)
    SourceLink.Fake (0.5.0)
    WindowsAzure.ServiceBus (2.5.2)
      Microsoft.WindowsAzure.ConfigurationManager
    Zlib.Portable (1.10.0) - framework: portable-net40+sl50+wp80+win80
GITHUB
  remote: fsharp/FAKE
  specs:
    modules/Octokit/Octokit.fsx (83f137969eb0ad8656426b2998bea5227a7bcc27)
      Octokit